GEM
  remote: https://rubygems.org/
  specs:
    activesupport (7.0.8)
      concurrent-ruby (~> 1.0, >= 1.0.2)
      i18n (>= 1.6, < 2)
      minitest (>= 5.1)
      tzinfo (~> 2.0)
    awesome_print (1.9.2)
    bump (0.10.0)
    concurrent-ruby (1.2.2)
    dry-cli (1.0.0)
    dry-initializer (3.1.1)
    gem-release (2.2.2)
    i18n (1.14.1)
      concurrent-ruby (~> 1.0)
    minitest (5.20.0)
    paint (2.3.0)
    pastel (0.8.0)
      tty-color (~> 0.5)
    tty-color (0.6.0)
    tty-command (0.10.1)
      pastel (~> 0.8)
    tzinfo (2.0.6)
      concurrent-ruby (~> 1.0)

PLATFORMS
  arm64-darwin-21
  arm64-darwin-22
  arm64-darwin-23
  x86_64-linux

DEPENDENCIES
  activesupport (> 7.0.4, < 7.1.0)
  awesome_print
  bump
  dry-cli
  dry-initializer
  gem-release
  paint
  tty-command

BUNDLED WITH
   2.4.7
